PATH
  remote: .
  specs:
    amalgalite (1.4.0)
      arrayfields (~> 4.9)

GEM
  remote: https://rubygems.org/
  specs:
    arrayfields (4.9.2)
    diff-lcs (1.2.5)
    docile (1.1.5)
    json (1.8.2)
    multi_json (1.10.1)
    rake (10.4.2)
    rake-compiler (0.9.5)
      rake
    rdoc (4.2.0)
      json (~> 1.4)
    rspec (3.1.0)
      rspec-core (~> 3.1.0)
      rspec-expectations (~> 3.1.0)
      rspec-mocks (~> 3.1.0)
    rspec-core (3.1.7)
      rspec-support (~> 3.1.0)
    rspec-expectations (3.1.2)
      diff-lcs (>= 1.2.0, < 2.0)
      rspec-support (~> 3.1.0)
    rspec-mocks (3.1.3)
      rspec-support (~> 3.1.0)
    rspec-support (3.1.2)
    simplecov (0.9.1)
      docile (~> 1.1.0)
      multi_json (~> 1.0)
      simplecov-html (~> 0.8.0)
    simplecov-html (0.8.0)
    zip (2.0.2)

PLATFORMS
  ruby

DEPENDENCIES
  amalgalite!
  rake (~> 10.0)
  rake-compiler (~> 0.9)
  rdoc (~> 4.0)
  rspec (~> 3.0)
  simplecov (~> 0.9)
  zip (~> 2.0.2)
